STORAGE: NONE
RESTRICTION: == net472
NUGET
  remote: https://api.nuget.org/v3/index.json
    FSharp.Core (4.7.2)
    Krafs.Rimworld.Ref (1.2.2719)
    Lib.Harmony (2.0.2)
    UnlimitedHugs.Rimworld.HugsLib (7.2.1)
      Lib.Harmony (>= 2.0.0.8)
