STORAGE: NONE
RESTRICTION: == net472
NUGET
  remote: https://api.nuget.org/v3/index.json
    FSharp.Core (4.7.2)
    Lib.Harmony (2.0.4)
    UnlimitedHugs.Rimworld.HugsLib (8.0)
      Lib.Harmony (>= 2.0.0.8)
